PATH
  remote: .
  specs:
    si (0.2.0)

GEM
  remote: https://rubygems.org/
  specs:
    power_assert (2.0.3)
    rake (13.0.6)
    test-unit (3.6.1)
      power_assert

PLATFORMS
  ruby

DEPENDENCIES
  rake (~> 13.0, >= 13.0.6)
  si!
  test-unit (~> 3.6, >= 3.6.1)

BUNDLED WITH
   2.4.10
